GIT
  remote: git://github.com/ihoka/friendly.git
  revision: 861ae897774e932d3bcae4e84b0d6f0f2b29b64a
  ref: 861ae897
  specs:
    friendly (0.6.1)
      activesupport (~> 2.3.5)
      rufus-json (= 0.2.3)
      sequel (>= 3.7.0)
      will_paginate (~> 2.3.0)

GEM
  remote: http://rubygems.org/
  specs:
    ZenTest (4.4.2)
    activerecord (2.3.11)
      activesupport (= 2.3.11)
    activesupport (2.3.11)
    autotest (4.4.6)
      ZenTest (>= 4.4.1)
    autotest-fsevent (0.2.4)
      sys-uname
    autotest-growl (0.2.9)
    columnize (0.3.2)
    database_cleaner (0.5.2)
    diff-lcs (1.1.2)
    git (1.2.5)
    jeweler (1.5.2)
      bundler (~> 1.0.0)
      git (>= 1.2.5)
      rake
    linecache (0.43)
    memcached (0.20.1)
    mysql (2.8.1)
    rake (0.8.7)
    rcov (0.9.9)
    rspec (2.5.0)
      rspec-core (~> 2.5.0)
      rspec-expectations (~> 2.5.0)
      rspec-mocks (~> 2.5.0)
    rspec-core (2.5.1)
    rspec-expectations (2.5.0)
      diff-lcs (~> 1.1.2)
    rspec-mocks (2.5.0)
    ruby-debug (0.10.4)
      columnize (>= 0.1)
      ruby-debug-base (~> 0.10.4.0)
    ruby-debug-base (0.10.4)
      linecache (>= 0.3)
    rufus-json (0.2.3)
    sequel (3.20.0)
    syntax (1.0.0)
    sys-uname (0.8.5)
    will_paginate (2.3.15)
    yajl-ruby (0.7.9)

PLATFORMS
  ruby

DEPENDENCIES
  activerecord (~> 2.3.5)
  autotest
  autotest-fsevent
  autotest-growl
  bundler (~> 1.0.0)
  database_cleaner (~> 0.5.0)
  friendly!
  jeweler (~> 1.5.1)
  memcached (~> 0.20.1)
  mysql (~> 2.8.1)
  rcov
  rspec (~> 2.5.0)
  ruby-debug
  syntax
  yajl-ruby (~> 0.7.7)
