PATH
  remote: .
  specs:
    friendly-attributes (0.7.3)
      activerecord (~> 2.3.18)
      ihoka-friendly (~> 0.7.1.2)
      memcached (~> 1.7.2)
      yajl-ruby (~> 0.7.7)

GEM
  remote: http://rubygems.org/
  specs:
    activerecord (2.3.18)
      activesupport (= 2.3.18)
    activesupport (2.3.18)
    database_cleaner (1.2.0)
    diff-lcs (1.1.3)
    ihoka-friendly (0.7.1.2)
      activesupport (~> 2.3.18)
      rufus-json (~> 0.2.3)
      sequel (~> 3.16.0)
      will_paginate (~> 2.3.15)
    memcached (1.7.2)
    mysql (2.9.1)
    rake (10.1.0)
    rspec (2.5.0)
      rspec-core (~> 2.5.0)
      rspec-expectations (~> 2.5.0)
      rspec-mocks (~> 2.5.0)
    rspec-core (2.5.2)
    rspec-expectations (2.5.0)
      diff-lcs (~> 1.1.2)
    rspec-mocks (2.5.0)
    rufus-json (0.2.7)
    sequel (3.16.0)
    will_paginate (2.3.16)
    yajl-ruby (0.7.9)

PLATFORMS
  ruby

DEPENDENCIES
  database_cleaner (~> 1.2.0)
  friendly-attributes!
  mysql (~> 2.9.1)
  rake
  rspec (~> 2.5.0)
