GEM
  remote: http://rubygems.org/
  specs:
    activerecord (2.3.5)
      activesupport (= 2.3.5)
    activesupport (2.3.5)
    columnize (0.3.2)
    database_cleaner (0.5.2)
    diff-lcs (1.1.2)
    friendly (0.6.0)
      activesupport (= 2.3.5)
      rufus-json (= 0.2.3)
      sequel (>= 3.7.0)
      will_paginate
    git (1.2.5)
    jeweler (1.5.1)
      bundler (~> 1.0.0)
      git (>= 1.2.5)
      rake
    linecache (0.43)
    memcached (0.20.1)
    mysql (2.8.1)
    rake (0.8.7)
    rcov (0.9.9)
    rspec (2.5.0)
      rspec-core (~> 2.5.0)
      rspec-expectations (~> 2.5.0)
      rspec-mocks (~> 2.5.0)
    rspec-core (2.5.1)
    rspec-expectations (2.5.0)
      diff-lcs (~> 1.1.2)
    rspec-mocks (2.5.0)
    ruby-debug (0.10.4)
      columnize (>= 0.1)
      ruby-debug-base (~> 0.10.4.0)
    ruby-debug-base (0.10.4)
      linecache (>= 0.3)
    rufus-json (0.2.3)
    sequel (3.18.0)
    will_paginate (2.3.15)
    yajl-ruby (0.7.8)

PLATFORMS
  ruby

DEPENDENCIES
  activerecord (~> 2.3.5)
  bundler (~> 1.0.0)
  database_cleaner (~> 0.5.0)
  friendly (~> 0.6.0)
  jeweler (~> 1.5.1)
  memcached (~> 0.20.1)
  mysql (~> 2.8.1)
  rcov
  rspec (~> 2.5.0)
  ruby-debug
  yajl-ruby (~> 0.7.7)
